GEM
  remote: https://rubygems.org/
  specs:
    actioncable (6.0.6.1)
      actionpack (= 6.0.6.1)
      nio4r (~> 2.0)
      websocket-driver (>= 0.6.1)
    actionmailbox (6.0.6.1)
      actionpack (= 6.0.6.1)
      activejob (= 6.0.6.1)
      activerecord (= 6.0.6.1)
      activestorage (= 6.0.6.1)
      activesupport (= 6.0.6.1)
      mail (>= 2.7.1)
    actionmailer (6.0.6.1)
      actionpack (= 6.0.6.1)
      actionview (= 6.0.6.1)
      activejob (= 6.0.6.1)
      mail (~> 2.5, >= 2.5.4)
      rails-dom-testing (~> 2.0)
    actionpack (6.0.6.1)
      actionview (= 6.0.6.1)
      activesupport (= 6.0.6.1)
      rack (~> 2.0, >= 2.0.8)
      rack-test (>= 0.6.3)
      rails-dom-testing (~> 2.0)
      rails-html-sanitizer (~> 1.0, >= 1.2.0)
    actiontext (6.0.6.1)
      actionpack (= 6.0.6.1)
      activerecord (= 6.0.6.1)
      activestorage (= 6.0.6.1)
      activesupport (= 6.0.6.1)
      nokogiri (>= 1.8.5)
    actionview (6.0.6.1)
      activesupport (= 6.0.6.1)
      builder (~> 3.1)
      erubi (~> 1.4)
      rails-dom-testing (~> 2.0)
      rails-html-sanitizer (~> 1.1, >= 1.2.0)
    activejob (6.0.6.1)
      activesupport (= 6.0.6.1)
      globalid (>= 0.3.6)
    activemodel (6.0.6.1)
      activesupport (= 6.0.6.1)
    activerecord (6.0.6.1)
      activemodel (= 6.0.6.1)
      activesupport (= 6.0.6.1)
    activestorage (6.0.6.1)
      actionpack (= 6.0.6.1)
      activejob (= 6.0.6.1)
      activerecord (= 6.0.6.1)
      marcel (~> 1.0)
    activesupport (6.0.6.1)
      concurrent-ruby (~> 1.0, >= 1.0.2)
      i18n (>= 0.7, < 2)
      minitest (~> 5.1)
      tzinfo (~> 1.1)
      zeitwerk (~> 2.2, >= 2.2.2)
    activevalidators (6.0.0)
      activemodel (>= 3.0)
      countries (>= 1.2, < 4.0)
      credit_card_validations (~> 3.2)
      date_validator
      mail
      phony (~> 2.0)
      rake
    addressable (2.8.7)
      public_suffix (>= 2.0.2, < 7.0)
    annotate (3.2.0)
      activerecord (>= 3.2, < 8.0)
      rake (>= 10.4, < 14.0)
    authie (3.1.5)
    bcrypt (3.1.20)
    bigdecimal (3.1.8)
    builder (3.3.0)
    capybara (3.36.0)
      addressable
      matrix
      mini_mime (>= 0.1.3)
      nokogiri (~> 1.8)
      rack (>= 1.6.0)
      rack-test (>= 0.6.3)
      regexp_parser (>= 1.5, < 3.0)
      xpath (~> 3.2)
    chronic (0.10.2)
    chronic_duration (0.10.6)
      numerizer (~> 0.1.1)
    coffee-rails (5.0.0)
      coffee-script (>= 2.2.0)
      railties (>= 5.2.0)
    coffee-script (2.4.1)
      coffee-script-source
      execjs
    coffee-script-source (1.12.2)
    concurrent-ruby (1.3.4)
    countries (3.1.0)
      i18n_data (~> 0.11.0)
      sixarm_ruby_unaccent (~> 1.1)
      unicode_utils (~> 1.4)
    crack (1.0.0)
      bigdecimal
      rexml
    crass (1.0.6)
    credit_card_validations (3.5.1)
      activemodel (>= 3, <= 6.1)
      activesupport (>= 3, <= 6.1)
    css_parser (1.12.0)
      addressable
    date (3.4.0)
    date_validator (0.12.0)
      activemodel (>= 3)
      activesupport (>= 3)
    datey (1.1.0)
    deep_merge (1.2.2)
    delayed_job (4.1.12)
      activesupport (>= 3.0, < 8.0)
    delayed_job_active_record (4.1.10)
      activerecord (>= 3.0, < 8.0)
      delayed_job (>= 3.0, < 5)
    dynamic_form (1.2.0)
    erubi (1.13.0)
    execjs (2.10.0)
    faraday (1.10.4)
      faraday-em_http (~> 1.0)
      faraday-em_synchrony (~> 1.0)
      faraday-excon (~> 1.1)
      faraday-httpclient (~> 1.0)
      faraday-multipart (~> 1.0)
      faraday-net_http (~> 1.0)
      faraday-net_http_persistent (~> 1.0)
      faraday-patron (~> 1.0)
      faraday-rack (~> 1.0)
      faraday-retry (~> 1.0)
      ruby2_keywords (>= 0.0.4)
    faraday-em_http (1.0.0)
    faraday-em_synchrony (1.0.0)
    faraday-excon (1.1.0)
    faraday-httpclient (1.0.1)
    faraday-multipart (1.0.4)
      multipart-post (~> 2)
    faraday-net_http (1.0.2)
    faraday-net_http_persistent (1.2.0)
    faraday-patron (1.0.0)
    faraday-rack (1.0.0)
    faraday-retry (1.0.3)
    faraday_middleware (1.2.1)
      faraday (~> 1.0)
    ffi (1.17.0)
    florrick (1.1.3)
    foreman (0.88.1)
    globalid (1.1.0)
      activesupport (>= 5.0)
    haml (6.3.0)
      temple (>= 0.8.2)
      thor
      tilt
    hashdiff (1.1.1)
    htmlentities (4.3.4)
    i18n (1.14.6)
      concurrent-ruby (~> 1.0)
    i18n_data (0.11.0)
    jquery-rails (4.6.0)
      rails-dom-testing (>= 1, < 3)
      railties (>= 4.2.0)
      thor (>= 0.14, < 2.0)
    json (2.7.6)
    kaminari (1.2.2)
      activesupport (>= 4.1.0)
      kaminari-actionview (= 1.2.2)
      kaminari-activerecord (= 1.2.2)
      kaminari-core (= 1.2.2)
    kaminari-actionview (1.2.2)
      actionview
      kaminari-core (= 1.2.2)
    kaminari-activerecord (1.2.2)
      activerecord
      kaminari-core (= 1.2.2)
    kaminari-core (1.2.2)
    listen (3.9.0)
      rb-fsevent (~> 0.10, >= 0.10.3)
      rb-inotify (~> 0.9, >= 0.9.10)
    log_logins (1.0.2)
      activerecord
    loofah (2.23.1)
      crass (~> 1.0.2)
      nokogiri (>= 1.12.0)
    mail (2.8.1)
      mini_mime (>= 0.1.1)
      net-imap
      net-pop
      net-smtp
    marcel (1.0.4)
    matrix (0.4.2)
    method_source (1.1.0)
    mini_mime (1.1.5)
    mini_portile2 (2.8.7)
    minitest (5.25.1)
    moonrope (2.0.2)
      deep_merge (~> 1.0)
      json
      rack (>= 1.4)
    multipart-post (2.4.1)
    net-imap (0.3.7)
      date
      net-protocol
    net-pop (0.1.2)
      net-protocol
    net-protocol (0.2.2)
      timeout
    net-smtp (0.5.0)
      net-protocol
    nifty-attachments (1.0.4)
    nifty-utils (1.1.7)
    nilify_blanks (1.4.0)
      activerecord (>= 4.0.0)
      activesupport (>= 4.0.0)
    nio4r (2.7.4)
    nokogiri (1.13.10)
      mini_portile2 (~> 2.8.0)
      racc (~> 1.4)
    numerizer (0.1.1)
    phony (2.20.14)
    premailer (1.15.0)
      addressable
      css_parser (>= 1.6.0)
      htmlentities (>= 4.0.0)
    public_suffix (5.1.1)
    puma (6.4.3)
      nio4r (~> 2.0)
    racc (1.8.1)
    rack (2.2.10)
    rack-attack (6.7.0)
      rack (>= 1.0, < 4)
    rack-custom-proxies (1.0.3)
      rack
    rack-test (2.1.0)
      rack (>= 1.3)
    rails (6.0.6.1)
      actioncable (= 6.0.6.1)
      actionmailbox (= 6.0.6.1)
      actionmailer (= 6.0.6.1)
      actionpack (= 6.0.6.1)
      actiontext (= 6.0.6.1)
      actionview (= 6.0.6.1)
      activejob (= 6.0.6.1)
      activemodel (= 6.0.6.1)
      activerecord (= 6.0.6.1)
      activestorage (= 6.0.6.1)
      activesupport (= 6.0.6.1)
      bundler (>= 1.3.0)
      railties (= 6.0.6.1)
      sprockets-rails (>= 2.0.0)
    rails-dom-testing (2.2.0)
      activesupport (>= 5.0.0)
      minitest
      nokogiri (>= 1.6)
    rails-html-sanitizer (1.5.0)
      loofah (~> 2.19, >= 2.19.1)
    rails_env_config (1.1.1)
    railties (6.0.6.1)
      actionpack (= 6.0.6.1)
      activesupport (= 6.0.6.1)
      method_source
      rake (>= 0.8.7)
      thor (>= 0.20.3, < 2.0)
    rake (13.2.1)
    rb-fsevent (0.11.2)
    rb-inotify (0.11.1)
      ffi (~> 1.0)
    redcarpet (3.6.0)
    regexp_parser (2.9.2)
    rexml (3.3.9)
    ruby2_keywords (0.0.5)
    sass-rails (6.0.0)
      sassc-rails (~> 2.1, >= 2.1.1)
    sassc (2.1.0)
      ffi (~> 1.9)
    sassc-rails (2.1.2)
      railties (>= 4.0.0)
      sassc (>= 2.0)
      sprockets (> 3.0)
      sprockets-rails
      tilt
    sixarm_ruby_unaccent (1.2.2)
    sprockets (4.2.1)
      concurrent-ruby (~> 1.0)
      rack (>= 2.2.4, < 4)
    sprockets-rails (3.4.2)
      actionpack (>= 5.2)
      activesupport (>= 5.2)
      sprockets (>= 3.0.0)
    sqlite3 (1.6.9)
      mini_portile2 (~> 2.8.0)
    temple (0.10.3)
    thor (1.3.2)
    thread_safe (0.3.6)
    tilt (2.4.0)
    timeout (0.4.2)
    tzinfo (1.2.11)
      thread_safe (~> 0.1)
    uglifier (4.2.1)
      execjs (>= 0.3.0, < 3)
    unicode_utils (1.4.0)
    vultr (1.0.0)
      faraday (~> 1.7)
      faraday_middleware (~> 1.1)
    webmock (3.24.0)
      addressable (>= 2.8.0)
      crack (>= 0.3.2)
      hashdiff (>= 0.4.0, < 2.0.0)
    websocket-driver (0.7.6)
      websocket-extensions (>= 0.1.0)
    websocket-extensions (0.1.5)
    xpath (3.2.0)
      nokogiri (~> 1.8)
    zeitwerk (2.6.18)

PLATFORMS
  ruby

DEPENDENCIES
  activevalidators
  annotate
  authie
  bcrypt (>= 3.1.12)
  capybara
  chronic
  chronic_duration
  coffee-rails
  datey
  delayed_job_active_record
  dynamic_form
  florrick
  foreman
  haml
  jquery-rails
  kaminari
  listen
  log_logins
  moonrope
  nifty-attachments
  nifty-utils
  nilify_blanks
  premailer
  puma
  rack-attack
  rack-custom-proxies
  rails (~> 6.0.6)
  rails_env_config
  redcarpet
  sass-rails
  sassc (= 2.1.0)
  sqlite3
  uglifier
  vultr
  webmock

BUNDLED WITH
   2.4.22
